GEM
  remote: https://rubygems.org/
  specs:
    backports (3.11.4)
    bcrypt (3.1.12)
    beats (2.1.1)
      wavefile (= 0.8.1)
    coderay (1.1.2)
    erubis (2.7.0)
    method_source (0.9.0)
    minitest (5.11.3)
    multi_json (1.13.1)
    pry (0.11.3)
      coderay (~> 1.1.0)
      method_source (~> 0.9.0)
    puma (3.12.0)
    rack (1.6.10)
    rack-protection (1.5.5)
      rack
    rack-test (1.1.0)
      rack (>= 1.0, < 3)
    rake (12.3.1)
    sinatra (1.4.8)
      rack (~> 1.5)
      rack-protection (~> 1.4)
      tilt (>= 1.3, < 3)
    sinatra-contrib (1.4.7)
      backports (>= 2.0)
      multi_json
      rack-protection
      rack-test
      sinatra (~> 1.4.0)
      tilt (>= 1.3, < 3)
    tilt (2.0.8)
    wavefile (0.8.1)

PLATFORMS
  ruby

DEPENDENCIES
  bcrypt
  beats
  erubis
  minitest
  pry
  puma
  rake
  sinatra (~> 1.4.7)
  sinatra-contrib

RUBY VERSION
   ruby 2.4.2p198

BUNDLED WITH
   1.16.3
